PATH
  remote: .
  specs:
    comedy-shows (0.0.0)

GEM
  remote: https://rubygems.org/
  specs:
    mini_portile2 (2.4.0)
    nokogiri (1.10.5)
      mini_portile2 (~> 2.4.0)
    rake (10.5.0)

PLATFORMS
  ruby

DEPENDENCIES
  bundler (~> 1.16)
  comedy-shows!
  nokogiri
  rake (~> 10.0)

BUNDLED WITH
   1.16.2
